GEM
  remote: https://rubygems.org/
  specs:
    concurrent-ruby (1.1.8)
    faker (2.15.1)
      i18n (>= 1.6, < 2)
    i18n (1.8.7)
      concurrent-ruby (~> 1.0)

PLATFORMS
  ruby

DEPENDENCIES
  faker (~> 2.15, >= 2.15.1)

BUNDLED WITH
   2.1.4
