GEM
  remote: https://rubygems.org/
  specs:
    concurrent-ruby (1.1.8)
    faker (2.15.1)
      i18n (>= 1.6, < 2)
    i18n (1.8.7)
      concurrent-ruby (~> 1.0)
    minitest (5.14.3)
    ruby2d (0.9.4)

PLATFORMS
  ruby

DEPENDENCIES
  faker (~> 2.15, >= 2.15.1)
  minitest (~> 5.14, >= 5.14.3)
  ruby2d (~> 0.9.4)

BUNDLED WITH
   2.1.4
